GEM
  specs:
    colorize (0.8.1)

PLATFORMS
  ruby

DEPENDENCIES
  colorize

RUBY VERSION
   ruby 2.3.3p222

BUNDLED WITH
   1.16.0
